GEM
  remote: https://rubygems.org/
  specs:
    byebug (9.1.0)
    colorize (0.8.1)

PLATFORMS
  ruby

DEPENDENCIES
  byebug
  colorize

BUNDLED WITH
   1.15.4
